PATH
  remote: .
  specs:
    c3d (0.2.0)
      bencode (~> 0.8)
      celluloid (~> 0.15)
      celluloid-zmq (~> 0.15)
      httparty (~> 0.13)

GEM
  remote: https://rubygems.org/
  specs:
    bencode (0.8.1)
    celluloid (0.15.2)
      timers (~> 1.1.0)
    celluloid-zmq (0.15.0)
      celluloid (>= 0.13.0)
      ffi
      ffi-rzmq
    dotenv (0.7.0)
    ffi (1.9.3)
    ffi-rzmq (2.0.1)
      ffi-rzmq-core (>= 1.0.1)
    ffi-rzmq-core (1.0.3)
      ffi (~> 1.9)
    foreman (0.67.0)
      dotenv (~> 0.7.0)
      thor (~> 0.17.0)
    httparty (0.13.1)
      json (~> 1.8)
      multi_xml (>= 0.5.2)
    json (1.8.1)
    multi_xml (0.5.5)
    thor (0.17.0)
    timers (1.1.0)

PLATFORMS
  ruby

DEPENDENCIES
  bencode (~> 0.8)
  c3d!
  celluloid (~> 0.15)
  celluloid-zmq (~> 0.15)
  foreman
  httparty (~> 0.13)
