GEM
  remote: https://rubygems.org/
  specs:
    bencode (0.7.0)
    httparty (0.9.0)
      multi_json (~> 1.0)
      multi_xml
    multi_json (1.10.0)
    multi_xml (0.5.5)

PLATFORMS
  ruby

DEPENDENCIES
  bencode
  httparty
