PATH
  remote: .
  specs:
    c3d (0.4.3)
      bencode (~> 0.8)
      celluloid (~> 0.15)
      commander (~> 4.1)
      httparty (~> 0.13)

GEM
  remote: https://rubygems.org/
  specs:
    bencode (0.8.1)
    celluloid (0.15.2)
      timers (~> 1.1.0)
    commander (4.1.6)
      highline (~> 1.6.11)
    diff-lcs (1.2.5)
    epm (0.3.8)
      commander (~> 4.1.6)
    highline (1.6.21)
    httparty (0.13.1)
      json (~> 1.8)
      multi_xml (>= 0.5.2)
    json (1.8.1)
    multi_xml (0.5.5)
    rspec (3.0.0)
      rspec-core (~> 3.0.0)
      rspec-expectations (~> 3.0.0)
      rspec-mocks (~> 3.0.0)
    rspec-core (3.0.1)
      rspec-support (~> 3.0.0)
    rspec-expectations (3.0.1)
      diff-lcs (>= 1.2.0, < 2.0)
      rspec-support (~> 3.0.0)
    rspec-mocks (3.0.1)
      rspec-support (~> 3.0.0)
    rspec-support (3.0.0)
    timers (1.1.0)

PLATFORMS
  ruby

DEPENDENCIES
  c3d!
  epm
  rspec (~> 3.0)
